PATH
  remote: .
  specs:
    soup (1.0.9)

GEM
  remote: http://rubygems.org/
  specs:
    kintama (0.1.11)
    rake (10.0.1)

PLATFORMS
  ruby

DEPENDENCIES
  kintama (>= 0.1.11)
  rake
  soup!
